GEM
  remote: https://rubygems.org/
  specs:
    activesupport (5.2.4.2)
      concurrent-ruby (~> 1.0, >= 1.0.2)
      i18n (>= 0.7, < 2)
      minitest (~> 5.1)
      tzinfo (~> 1.1)
    base32 (0.3.4)
    cbor (0.5.9.6)
    citrus (3.0.2)
    coderay (1.1.2)
    concurrent-ruby (1.1.6)
    dhall (0.5.1)
      base32 (~> 0.3.2)
      cbor (~> 0.5.9.3)
      citrus (~> 3.0)
      lazy_object (~> 0.0.3)
      multihashes (~> 0.1.3)
      promise.rb (~> 0.7.4)
      value_semantics (~> 3.0)
    i18n (1.8.2)
      concurrent-ruby (~> 1.0)
    lazy_object (0.0.3)
    method_source (1.0.0)
    minitest (5.14.0)
    multihashes (0.1.3)
    pg (1.2.3)
    promise.rb (0.7.4)
    pry (0.13.0)
      coderay (~> 1.1)
      method_source (~> 1.0)
    thread_safe (0.3.6)
    tzinfo (1.2.7)
      thread_safe (~> 0.1)
    value_semantics (3.6.0)

PLATFORMS
  ruby

DEPENDENCIES
  activesupport
  dhall (>= 0.5.1)
  pg
  pry

BUNDLED WITH
   2.1.4
